GEM
  specs:
    addressable (2.3.2)
    faraday (0.8.4)
      multipart-post (~> 1.1)
    koala (1.6.0)
      addressable (~> 2.2)
      faraday (~> 0.8)
      multi_json (~> 1.3)
    multi_json (1.3.7)
    multipart-post (1.1.5)

PLATFORMS
  ruby

DEPENDENCIES
  koala
